GEM
  remote: https://rubygems.org/
  specs:
    colorator (0.1)
    ffi (1.9.10)
    fileutils (0.7)
      rmagick (>= 2.13.1)
    jekyll (3.1.2)
      colorator (~> 0.1)
      jekyll-sass-converter (~> 1.0)
      jekyll-watch (~> 1.1)
      kramdown (~> 1.3)
      liquid (~> 3.0)
      mercenary (~> 0.3.3)
      rouge (~> 1.7)
      safe_yaml (~> 1.0)
    jekyll-sass-converter (1.4.0)
      sass (~> 3.4)
    jekyll-sitemap (0.10.0)
    jekyll-watch (1.3.1)
      listen (~> 3.0)
    json (1.8.1)
    kramdown (1.9.0)
    liquid (3.0.6)
    listen (3.0.6)
      rb-fsevent (>= 0.9.3)
      rb-inotify (>= 0.9.7)
    mercenary (0.3.5)
    mini_portile (0.6.0)
    nokogiri (1.6.3.1)
      mini_portile (= 0.6.0)
    rake (10.4.2)
    rb-fsevent (0.9.7)
    rb-inotify (0.9.7)
      ffi (>= 0.5.0)
    redcarpet (3.3.4)
    rmagick (2.13.3)
    rouge (1.10.1)
    safe_yaml (1.0.4)
    sass (3.4.21)
    stringex (2.5.2)
    sweetie (1.0.1)
      json (>= 1.6.1)
      nokogiri (>= 1.4.6)

PLATFORMS
  ruby

DEPENDENCIES
  colorator (= 0.1.0)
  fileutils (= 0.7)
  jekyll (= 3.1.2)
  jekyll-sitemap (= 0.10.0)
  rake (= 10.4.2)
  redcarpet (= 3.3.4)
  rouge (= 1.10.1)
  stringex (= 2.5.2)
  sweetie (= 1.0.1)

BUNDLED WITH
   1.10.6
