GEM
  remote: https://rubygems.org/
  specs:
    addressable (2.5.0)
      public_suffix (~> 2.0, >= 2.0.2)
    colorator (1.1.0)
    ffi (1.9.18)
    fileutils (0.7)
      rmagick (>= 2.13.1)
    forwardable-extended (2.6.0)
    jekyll (3.4.2)
      addressable (~> 2.4)
      colorator (~> 1.0)
      jekyll-sass-converter (~> 1.0)
      jekyll-watch (~> 1.1)
      kramdown (~> 1.3)
      liquid (~> 3.0)
      mercenary (~> 0.3.3)
      pathutil (~> 0.9)
      rouge (~> 1.7)
      safe_yaml (~> 1.0)
    jekyll-sass-converter (1.5.0)
      sass (~> 3.4)
    jekyll-sitemap (1.0.0)
      jekyll (~> 3.3)
    jekyll-watch (1.5.0)
      listen (~> 3.0, < 3.1)
    json (2.0.2)
    kramdown (1.13.2)
    liquid (3.0.6)
    listen (3.0.8)
      rb-fsevent (~> 0.9, >= 0.9.4)
      rb-inotify (~> 0.9, >= 0.9.7)
    mercenary (0.3.6)
    mini_portile2 (2.1.0)
    nokogiri (1.7.0)
      mini_portile2 (~> 2.1.0)
    pathutil (0.14.0)
      forwardable-extended (~> 2.6)
    public_suffix (2.0.5)
    rake (10.4.2)
    rb-fsevent (0.9.8)
    rb-inotify (0.9.8)
      ffi (>= 0.5.0)
    redcarpet (3.3.4)
    rmagick (2.16.0)
    rouge (1.10.1)
    safe_yaml (1.0.4)
    sass (3.4.23)
    stringex (2.5.2)
    sweetie (1.0.1)
      json (>= 1.6.1)
      nokogiri (>= 1.4.6)

PLATFORMS
  ruby

DEPENDENCIES
  colorator (= 1.1.0)
  fileutils (= 0.7)
  jekyll (= 3.4.2)
  jekyll-sitemap (= 1.0.0)
  rake (= 10.4.2)
  redcarpet (= 3.3.4)
  rouge (= 1.10.1)
  stringex (= 2.5.2)
  sweetie (= 1.0.1)

BUNDLED WITH
   1.13.5
